GEM
  remote: https://rubygems.org/
  specs:
    bindata (1.8.3)
    color-rgb (0.0.2)
    diff-lcs (1.2.5)
    nbt_utils (0.0.4)
      bindata (~> 1.3)
    rmagick (2.15.4)
    rspec (3.4.0)
      rspec-core (~> 3.4.0)
      rspec-expectations (~> 3.4.0)
      rspec-mocks (~> 3.4.0)
    rspec-core (3.4.4)
      rspec-support (~> 3.4.0)
    rspec-expectations (3.4.0)
      diff-lcs (>= 1.2.0, < 2.0)
      rspec-support (~> 3.4.0)
    rspec-mocks (3.4.1)
      diff-lcs (>= 1.2.0, < 2.0)
      rspec-support (~> 3.4.0)
    rspec-support (3.4.1)

PLATFORMS
  ruby

DEPENDENCIES
  color-rgb
  nbt_utils
  rmagick
  rspec

BUNDLED WITH
   1.11.2
